[System]
Scanner=SkyScan2214
Instrument S/N=001
Software Version=1.0.0
Home Directory=C:\Skyscan\Second_generation\SkyScan2214\SkyScan2214
Source Type=Hamamatsu L10711
Camera Type=FlatPanel: 2...50um, 6...140mm FOV
Camera Pixel Size (um)=74.800
Camera X/Y Ratio=1.0000
[User]
User Name=SkyScan
Computer Name=SCAN2214_DEMO
[Acquisition]
Data Directory=D:\Results\Phil\Ruslan_sample4_2214
Filename Prefix=Ruslan_sample4_2214_~00
Number Of Files= 2001
Number Of Rows= 1944
Number Of Columns= 2929
Filename Index Length=8
Partial Width=OFF
Image crop origin X=0
Image crop origin Y=0
Camera binning=1x1
Image Rotation=-0.10000
Optical Axis (line)= 1007
Object to Source (mm)=34.328
Camera to Source (mm)=320.958
Source Voltage (kV)= 100
Source Current (uA)= 100
Source Target Power (W)=8.68
Image Pixel Size (um)=8.000292
Scaled Image Pixel Size (um)=8.000292
Image Format=TIFF
Depth (bits)=16
Reference Intensity=58000
Exposure (ms)=1080
Rotation Step (deg)=0.180
Use 360 Rotation=YES
Scanning position=26.441 mm
Frame Averaging=ON (4)
Flat Field Correction=ON
FF updating interval=200
Random Movement=OFF (25)
Filter=Cu 1mm
Gantry direction=CW
Rotation Direction=CW
Intrinsic CS rotation in degree=0.0
Type of Detector Motion=STEP AND SHOOT
Scanning Trajectory=ROUND
Number of connected scans=3
Current scan number=1
Number of lines to be reconstructed=1429
Suggested HU - Calibration=180000
Number Of Horizontal Offset Positions=1
Study Date and Time=20 Jul 2018  01h:34m:06s
Scan duration=4h:32m:59s
Maximum vertical TS=5.0
[Reconstruction]
Reconstruction Program=NRecon
Program Version=Version: 1.7.4.2
Program Home Directory=C:\Skyscan\Second_generation\SkyScan2214\SkyScan2214
Reconstruction engine=GPUReconServer
Engine version=Version: 1.7.4
Reconstruction from batch=No
Postalignment Applied=1
Connected Reconstruction (parts)=3
Sub-scan post alignment [0]=-23.000000
Sub-scan post alignment [1]=-7.000000
Sub-scan post alignment [2]=9.000000
Sub-scan scan length [0]=1425
Sub-scan scan length [1]=1433
Sub-scan scan length [2]=1429
Used extra rotation per scan(deg)= 0.000  0.000  0.000 
Used extra shift in X per scan(micron)= 0.000  12.392  16.610 
Used extra shift in Y per scan(micron)= 0.000  -11.608  -15.770 
Reconstruction servers= SCAN2214_DEMO 
Dataset Origin=SkyScan2214
Dataset Prefix=Ruslan_sample4_2214_~02
Dataset Directory=D:\Results\Phil\Ruslan_sample4_2214
Output Directory=D:\Results\Phil\Ruslan_sample4_2214\Ruslan_sample4_2214_Rec
Time and Date=Jul 20, 2018  14:46:28
First Section=325
Last Section=4488
Reconstruction duration per slice (seconds)=2.570129
Total reconstruction time (2859 slices) in seconds=7348.000000
Transformation applied=NO
Section to Section Step=1
Sections Count=4164
Result File Type=PNG
Result File Header Length (bytes)=Unknown: compressed JPG format (100%)
Result Image Width (pixels)=2928
Result Image Height (pixels)=2928
Pixel Size (um)=8.00029
Reconstruction Angular Range (deg)=360.00
Use 180+=OFF
Angular Step (deg)=0.1800
Smoothing=2
Smoothing kernel=2 (Gaussian)
Ring Artifact Correction=11
Draw Scales=OFF
Object Bigger than FOV=ON
Reconstruction from ROI=OFF
Filter cutoff relative to Nyquist frequency=100
Filter type=0
Filter type description=Hamming (Alpha=0.54)
Undersampling factor=1
Threshold for defect pixel mask (%)=0
Beam Hardening Correction (%)=15
CS Static Rotation (deg)=0.00
CS Static Rotation Total(deg)=0.00
Minimum for CS to Image Conversion=-0.001000
Maximum for CS to Image Conversion=0.030000
HU Calibration=OFF
BMP LUT=0
Cone-beam Angle Horiz.(deg)=37.690388
Cone-beam Angle Vert.(deg)=25.527470
Automatic matching in Z=50
Automatic matching in X/Y=50
Automatic matching in rotation=5.000000
Automatic fusion=1
[File name convention]
Filename Index Length=8
Filename Prefix=Ruslan_sample4_2214__rec
