[System]
Scanner=SkyScan1272
Instrument S/N=15G09089-B
Software Version=1.1.19
Home Directory=C:\SkyScan1272\SkyScan1272
Source Type=HAMAMATSU_L11871_20
Camera Type=XIMEA xiRAY16
Camera Pixel Size (um)=7.4
Camera X/Y Ratio=1.0023
[User]
User Name=khoma
Computer Name=ANAMIC02
[Acquisition]
Data Directory=D:\Results\eugenio_mice\left_leg\c1m5_1_65um_al025\proj
Filename Prefix=c1m5_1_65um_al025~00
Filename Index Length=8
Number Of Files= 1878
Number Of Rows= 3280
Number Of Columns= 4904
Partial Width=OFF
Image crop origin X=0
Image crop origin Y=0
Camera binning=1x1
Image Rotation=0.16000
Optical Axis (line)= 1788
Camera to Source (mm)=274.07267
Object to Source (mm)=61.11100
Source Voltage (kV)=  60
Source Current (uA)= 166
Image Pixel Size (um)=1.650005
Scaled Image Pixel Size (um)=1.650005
Image Format=TIFF
Depth (bits)=16
Reference Intensity=57000
Camera position=far
Exposure (ms)=2800
Rotation Step (deg)=0.100
Use 360 Rotation=NO
Scanning position=20.169 mm
Frame Averaging=ON (3)
Random Movement=OFF (30)
Flat Field Correction=ON
FF updating interval=94
Geometrical Correction=ON
Filter=Al 0.25mm
Gantry direction=CC
Rotation Direction=CC
Type of Detector Motion=STEP AND SHOOT
Scanning Trajectory=ROUND
Number Of Horizontal Offset Positions=1
Number of connected scans=3
Current scan number=1
Number of lines to be reconstructed=1797
Study Date and Time=06 Nov 2018  22h:51m:58s
Scan duration=4h:23m:4s
Maximum vertical TS=5.0
[Reconstruction]
Reconstruction Program=NRecon
Program Version=Version: 1.7.4.2
Program Home Directory=C:\Program Files\NReconServerLocal64
Reconstruction engine=GPUReconServer
Engine version=Version: 1.7.4
Reconstruction from batch=Yes
Postalignment Applied=1
Connected Reconstruction (parts)=3
Sub-scan post alignment [0]=8.500000
Sub-scan post alignment [1]=8.500000
Sub-scan post alignment [2]=8.500000
Sub-scan scan length [0]=1800
Sub-scan scan length [1]=1802
Sub-scan scan length [2]=1797
Used extra rotation per scan(deg)= 0.000  0.000  0.000 
Used extra shift in X per scan(micron)= 0.000  0.816  1.557 
Used extra shift in Y per scan(micron)= 0.000  -4.123  -3.236 
Reconstruction servers= ANAKLIN03 
Dataset Origin=SkyScan1272
Dataset Prefix=c1m5_1_65um_al025~00
Dataset Directory=G:\eugenio_mice\left_leg\c1m5_1_65um_al025\proj
Output Directory=G:\eugenio_mice\left_leg\c1m5_1_65um_al025\rec
Time and Date=Nov 07, 2018  18:35:18
First Section=118
Last Section=6775
Reconstruction duration per slice (seconds)=1.431739
Total reconstruction time (2571 slices) in seconds=3681.000000
Section to Section Step=1
Sections Count=6658
Result File Type=PNG
Result File Header Length (bytes)=Unknown: compressed JPG format (100%)
Result Image Width (pixels)=4904
Result Image Height (pixels)=4904
Pixel Size (um)=1.65000
Reconstruction Angular Range (deg)=187.80
Use 180+=OFF
Angular Step (deg)=0.1000
Smoothing=0
Ring Artifact Correction=17
Draw Scales=OFF
Object Bigger than FOV=OFF
Reconstruction from ROI=OFF
Filter cutoff relative to Nyquist frequency=100
Filter type=0
Filter type description=Hamming (Alpha=0.54)
Undersampling factor=1
Threshold for defect pixel mask (%)=0
Beam Hardening Correction (%)=0
CS Static Rotation (deg)=0.00
CS Static Rotation Total(deg)=0.00
Minimum for CS to Image Conversion=0.000000
Maximum for CS to Image Conversion=0.113961
HU Calibration=OFF
BMP LUT=0
Cone-beam Angle Horiz.(deg)=7.575401
Cone-beam Angle Vert.(deg)=5.070827
Automatic matching in Z=50
Automatic matching in X/Y=50
Automatic matching in rotation=5.000000
Automatic fusion=0
[File name convention]
Filename Index Length=8
Filename Prefix=c1m5_1_65um_al025_rec
