[System]
Scanner=SkyScan1273
Instrument S/N=001
Software Version=1.1
Home Directory=C:\SkyScan1273
Source Type=Hamamatsu L9181-02
Camera Type=DEXELA-2315[v1], S/N 32960
Camera Pixel Size (um)=74.800
Camera X/Y Ratio=1.0
[User]
User Name=SCAN1275_039
Computer Name=SCAN1273_001
[Acquisition]
Data Directory=D:\Results\RUSLAN\Vreni_Jaw_Jul20_AL1mm-Cu02mm_100kV_21um\proj
Filename Prefix=Vreni_Jaw_Jul20_AL1mm-Cu02mm_100kV_21um_~03
Number Of Files= 3601
Number Of Rows= 1944
Number Of Columns= 3072
Filename Index Length=8
Partial Width=OFF
Image crop origin X=0
Image crop origin Y=0
Camera binning=1x1
Image Rotation=0.00000
Optical Axis (line)=  972
Object to Source (mm)=140.546
Camera to Source (mm)=500.607
Source Voltage (kV)= 100
Source Current (uA)=  80
Image Pixel Size (um)=21.000194
Scaled Image Pixel Size (um)=21.000194
Image Format=TIFF
Depth (bits)=16
Reference Intensity=58000
Exposure (ms)=225
Rotation Step (deg)=0.10000
Use 360 Rotation=YES
High Aspect Ratio=NO
Scanning position=113.484 mm
Frame Averaging=ON (5)
Flat Field Correction=ON
FF updating interval=301
Random Movement=OFF (20)
Filter=Al1mm+Cu0.2mm
Gantry direction=CCW
Rotation Direction=CCW
Intrinsic CS rotation in degree=0.0
Type of Detector Motion=STEP AND SHOOT
Scanning Trajectory=ROUND
Number of connected scans=5
Current scan number=4
Number of lines to be reconstructed=1296
Suggested HU - Calibration=180000
Number Of Horizontal Offset Positions=1
Study Date and Time=22 Jul 2019  03h:08m:09s
Scan duration=3h:2m:4s
[Reconstruction]
Pseudo-parallel projection calculated=1
