[System]
Scanner=SkyScan1273
Instrument S/N=001
Software Version=1.1
Home Directory=C:\SkyScan1273
Source Type=Hamamatsu L9181-02
Camera Type=DEXELA-2315[v1], S/N 32960
Camera Pixel Size (um)=74.800
Camera X/Y Ratio=1.0
[User]
User Name=SCAN1275_039
Computer Name=SCAN1273_001
[Acquisition]
Data Directory=D:\Results\RUSLAN\Vreni_Jaw_Jul20_AL1mm-Cu02mm_100kV_21um\proj
Filename Prefix=Vreni_Jaw_Jul20_AL1mm-Cu02mm_100kV_21um_~00
Number Of Files= 3601
Number Of Rows= 1944
Number Of Columns= 3072
Filename Index Length=8
Partial Width=OFF
Image crop origin X=0
Image crop origin Y=0
Camera binning=1x1
Image Rotation=0.00000
Optical Axis (line)=  972
Object to Source (mm)=140.546
Camera to Source (mm)=500.607
Source Voltage (kV)= 100
Source Current (uA)=  80
Image Pixel Size (um)=21.000194
Scaled Image Pixel Size (um)=21.000194
Image Format=TIFF
Depth (bits)=16
Reference Intensity=58000
Exposure (ms)=225
Rotation Step (deg)=0.10000
Use 360 Rotation=YES
High Aspect Ratio=NO
Scanning position=195.134 mm
Frame Averaging=ON (5)
Flat Field Correction=ON
FF updating interval=301
Random Movement=OFF (20)
Filter=Al1mm+Cu0.2mm
Gantry direction=CCW
Rotation Direction=CCW
Intrinsic CS rotation in degree=0.0
Type of Detector Motion=STEP AND SHOOT
Scanning Trajectory=ROUND
Number of connected scans=5
Current scan number=1
Number of lines to be reconstructed=1296
Suggested HU - Calibration=180000
Number Of Horizontal Offset Positions=1
Study Date and Time=21 Jul 2019  17h:48m:28s
Scan duration=3h:1m:55s
Maximum vertical TS=5.0
[Reconstruction]
Reconstruction Program=NRecon
Program Version=Version: 1.7.4.2
Program Home Directory=C:\Program Files\NRecon
Reconstruction engine=GPUReconServer
Engine version=Version: 1.7.4
Reconstruction from batch=Yes
Postalignment Applied=1
Connected Reconstruction (parts)=5
Sub-scan post alignment [0]=13.500000
Sub-scan post alignment [1]=7.500000
Sub-scan post alignment [2]=7.500000
Sub-scan post alignment [3]=8.500000
Sub-scan post alignment [4]=7.500000
Sub-scan scan length [0]=1291
Sub-scan scan length [1]=1289
Sub-scan scan length [2]=1296
Sub-scan scan length [3]=1296
Sub-scan scan length [4]=1296
Dataset Origin=SkyScan1273
Dataset Prefix=Vreni_Jaw_Jul20_AL1mm-Cu02mm_100kV_21um_~02
Dataset Directory=E:\KontichJul2019\Vreni_Jaw_Jul20_AL1mm-Cu02mm_100kV_21um\proj
Output Directory=E:\KontichJul2019\Vreni_Jaw_Jul20_AL1mm-Cu02mm_100kV_21um\rec
Time and Date=Sep 08, 2020  18:05:16
First Section=177
Last Section=6643
Reconstruction duration per slice (seconds)=1.712247
Total reconstruction time (5046 slices) in seconds=8640.000000
Section to Section Step=1
Sections Count=6467
Result File Type=PNG
Result File Header Length (bytes)=Unknown: compressed JPG format (100%)
Result Image Width (pixels)=2956
Result Image Height (pixels)=2424
Pixel Size (um)=21.00019
Reconstruction Angular Range (deg)=360.00
Use 180+=OFF
Angular Step (deg)=0.1000
Smoothing=0
Ring Artifact Correction=13
Draw Scales=OFF
Object Bigger than FOV=OFF
Reconstruction from ROI=ON_ROUND
ROI Top (pixels)=3070
ROI Bottom (pixels)=645
ROI Left (pixels)=5
ROI Right (pixels)=2964
ROI reference length=3072
Filter cutoff relative to Nyquist frequency=100
Filter type=0
Filter type description=Hamming (Alpha=0.54)
Undersampling factor=1
Threshold for defect pixel mask (%)=0
Beam Hardening Correction (%)=0
CS Static Rotation (deg)=-60.01
CS Static Rotation Total(deg)=-60.01
Minimum for CS to Image Conversion=0.000000
Maximum for CS to Image Conversion=0.023801
HU Calibration=OFF
BMP LUT=0
Cone-beam Angle Horiz.(deg)=25.851875
Cone-beam Angle Vert.(deg)=16.527140
