[System]
Scanner=SkyScan2214
Instrument S/N=20C18017
Software Version=1.8
Home Directory=C:\SkyScan2214\SkyScan2214 User Software
Source Type=Hamamatsu L10711
Camera Type=FlatPanel: 2...50um, 140mm max.FOV
Camera Pixel Size (um)=74.800
Camera X/Y Ratio=1.0050
[User]
User Name=Skyscan4
Computer Name=ANAMIC05
[Acquisition]
Data Directory=D:\Results\Bone vs Angiofil in mouse\Mouse_1EAR_05SEP2023_molars_3um_50kV_360_nof_4segments_\proj2
Filename Prefix=Mouse_1EAR_05SEP2023_molars_3um_50kV_360_nof_4segments_try2_~00
Number Of Files= 3601
Number Of Rows= 1944
Number Of Columns= 3066
Filename Index Length=8
Partial Width=OFF
Image crop origin X=0
Image crop origin Y=0
Camera binning=1x1
Image Rotation=0.18000
Optical Axis (line)= 1003
Object to Source (mm)=12.576
Camera to Source (mm)=313.563
Source Voltage (kV)=  50
Source Current (uA)= 164
Source Target Power (W)=3.70
Image Pixel Size (um)=3.000059
Scaled Image Pixel Size (um)=3.000059
Image Format=TIFF
Depth (bits)=16
Reference Intensity=58000
Exposure (ms)=1050
Rotation Step (deg)=0.100
Use 360 Rotation=YES
High Aspect Ratio=NO
Scanning position=11.879 mm
Frame Averaging=OFF (7)
Flat Field Correction=ON
FF updating interval=515
Random Movement=OFF (40)
Filter=No Filter
Gantry direction=CW
Rotation Direction=CW
Intrinsic CS rotation in degree=0.0
Type of Detector Motion=STEP AND SHOOT
Scanning Trajectory=ROUND
Number of connected scans=4
Current scan number=1
Number of lines to be reconstructed=1511
Source Filament Type=W
Source spot size=Large
Suggested HU - Calibration=180000
Number Of Horizontal Offset Positions=1
Study Date and Time=17 Jan 2024  21h:05m:25s
Estimated Scan duration=12h:48m:28s
Scan duration=3h:17m:21s
Maximum Vertical TS=5.0
Maximum Horizontal TS=0.0
[Reconstruction]
Reconstruction Program=NRecon
Program Version=Version: 2.2.0.6
Program Home Directory=C:\SkyScan2214\SkyScan2214 User Software
Reconstruction engine=GPUReconServer
Engine version=Version: 2.2.0
Reconstruction from batch=Yes
Postalignment Applied=1
Reconstructed using oversize-option=No
Connected Reconstruction (parts)=4
Oversize-option Bitmap=9
Sub-scan post alignment [0]=58.500000
Sub-scan post alignment [1]=32.000000
Sub-scan post alignment [2]=7.500000
Sub-scan post alignment [3]=-17.000000
Sub-scan scan length [0]=1491
Sub-scan scan length [1]=1493
Sub-scan scan length [2]=1477
Sub-scan scan length [3]=1511
Reconstruction servers= ANAMIC05 
Export VGL=0
Dataset Origin=SkyScan2214
Dataset Prefix=Mouse_1EAR_05SEP2023_molars_3um_50kV_360_nof_4segments_try2_~03
Dataset Directory=D:\Results\Bone vs Angiofil in mouse\Mouse_1EAR_05SEP2023_molars_3um_50kV_360_nof_4segments_\proj2
Output Directory=D:\Results\Bone vs Angiofil in mouse\Mouse_1EAR_05SEP2023_molars_3um_50kV_360_nof_4segments_\rec2
Time and Date=14 Feb 2024  18h:54m:36s
First Section=2
Last Section=6403
Reconstruction duration per slice (seconds)=0.632973
Total reconstruction time (6381 slices) in seconds=4039.000000
Heel Effect Correction On=0
Section to Section Step=1
Sections Count=6402
Result File Type=PNG
Result File Header Length (bytes)=Unknown: compressed JPG format (100%)
Result Image Width (pixels)=3064
Result Image Height (pixels)=3064
Pixel Size (um)=3.00006
Reconstruction Angular Range (deg)=360.00
Use 180+=OFF
Angular Step (deg)=0.1000
Smoothing=0
Ring Artifact Correction=0
Draw Scales=OFF
Object Bigger than FOV=OFF
Reconstruction from ROI=OFF
Filter cutoff relative to Nyquist frequency=100
Filter type=0
Filter type description=Hamming (Alpha=0.54)
Undersampling factor=1
Threshold for defect pixel mask (%)=0
Beam Hardening Correction (%)=0
CS Static Rotation (deg)=-47.30
CS Static Rotation Total(deg)=-47.30
Minimum for CS to Image Conversion=0.000000
Maximum for CS to Image Conversion=0.225464
HU Calibration=OFF
BMP LUT=0
Cone-beam Angle Horiz.(deg)=40.175312
Cone-beam Angle Vert.(deg)=26.109486
Sub-Scan 0 ends at slice=1727
Sub-Scan 1 ends at slice=3219
Sub-Scan 2 ends at slice=4704
Sub-Scan 3 ends at slice=6081
Automatic Matching In Z=50
Automatic Matching In X/Y=0
Automatic Matching In Rotation=0.000000
Automatic Fusion=1
Automatic Heel Effect Correction=0
[File name convention]
Filename Index Length=8
Filename Prefix=Mouse_1EAR_05SEP2023_molars_3um_50kV_360_nof_4segments_try2__rec
[Co-registration]
Last-used 3D Registration VOI=1647.031250, 2781.052734, 594.011292; 5508.104492, 4104.078125, 13203.250977; 9180.174805, 9180.174805, 19116.363281
