[System]
Scanner=SkyScan2214
Instrument S/N=20C18017
Software Version=1.8
Home Directory=C:\SkyScan2214\SkyScan2214 User Software
Source Type=Hamamatsu L10711
Camera Type=FlatPanel: 2...50um, 140mm max.FOV
Camera Pixel Size (um)=74.800
Camera X/Y Ratio=1.0050
[User]
User Name=Skyscan4
Computer Name=ANAMIC05
[Acquisition]
Data Directory=D:\Results\Bone vs Angiofil in mouse\Mouse_1EAR_05SEP2023_molars_3um_50kV_360_nof_4segments_\proj2
Filename Prefix=Mouse_1EAR_05SEP2023_molars_3um_50kV_360_nof_4segments_try2_~00
Number Of Files= 3601
Number Of Rows= 1944
Number Of Columns= 3066
Filename Index Length=8
Partial Width=OFF
Image crop origin X=0
Image crop origin Y=0
Camera binning=1x1
Image Rotation=0.18000
Optical Axis (line)= 1003
Object to Source (mm)=12.576
Camera to Source (mm)=313.563
Source Voltage (kV)=  50
Source Current (uA)= 164
Source Target Power (W)=3.70
Image Pixel Size (um)=3.000059
Scaled Image Pixel Size (um)=3.000059
Image Format=TIFF
Depth (bits)=16
Reference Intensity=58000
Exposure (ms)=1050
Rotation Step (deg)=0.100
Use 360 Rotation=YES
High Aspect Ratio=NO
Scanning position=11.879 mm
Frame Averaging=OFF (7)
Flat Field Correction=ON
FF updating interval=515
Random Movement=OFF (40)
Filter=No Filter
Gantry direction=CW
Rotation Direction=CW
Intrinsic CS rotation in degree=0.0
Type of Detector Motion=STEP AND SHOOT
Scanning Trajectory=ROUND
Number of connected scans=4
Current scan number=1
Number of lines to be reconstructed=1511
Source Filament Type=W
Source spot size=Large
Suggested HU - Calibration=180000
Number Of Horizontal Offset Positions=1
Study Date and Time=17 Jan 2024  21h:05m:25s
Estimated Scan duration=12h:48m:28s
Scan duration=3h:17m:21s
Maximum Vertical TS=1.0
Maximum Horizontal TS=0.0
TS modified at=February06,11:54:45 ---  3601 of 3601 projections
TS modified according to=D:\Results\Bone vs Angiofil in mouse\Mouse_1EAR_05SEP2023_molars_3um_50kV_360_nof_4segments_\proj2\Mouse_1EAR_05SEP2023_molars_3um_50kV_360_nof_4segments_try2_~00_2DTransform.csv
TS modified at level=3
[Reconstruction]
Pseudo-parallel projection calculated=1
