[System]
Scanner=Skyscan1172
Instrument S/N=12O01199
Hardware version=F
Software=Version 1. 5 (build 26)
Home directory=c:\SkyScan1172F_11MP_Hamamatsu
Source Type=Hamamatsu 100/250
Camera=Hamamatsu C9300 11Mp camera
Camera Pixel Size (um)=    8.80
CameraXYRatio=0.9927
Incl.in lifting (um/mm)=3.0875
[User]
User Name=fw13i082
Computer Name=ANAKLIN18
[Acquisition]
Data directory=D:\doc\Mice_Israel\Mouse_Israel_C2_2.98um_LeftLeg\proj
Filename Prefix=Mouse_Israel_C2_2.98um_LeftLeg~01
Configuration=D:\doc\Results\Configurations\2018-04-27\2018-04-27
Number of Files= 7202
Source Voltage (kV)=  49
Source Current (uA)= 200
Number of Rows= 2672
Number of Columns= 4000
Image crop origin X=   0
Image crop origin Y=0
Camera binning=1x1
Image Rotation=0.2300
Gantry direction=CC
Number of connected scans=    2
Number of lines to be reconstructed= 2319
Image Pixel Size (um)=    2.99
Object to Source (mm)=72.070
Camera to Source (mm)=212.399
Vertical Object Position (mm)=39.373
Optical Axis (line)=1486
Filter=No Filter
Image Format=TIFF
Depth (bits)=16
Screen LUT=0
Exposure (ms)=   985
Rotation Step (deg)=0.050
Frame Averaging=ON (3)
Random Movement=OFF (0)
Use 360 Rotation=YES
Geometrical Correction=ON
Camera Offset=OFF
Median Filtering=ON
Flat Field Correction=ON
Rotation Direction=CC
Scanning Trajectory=ROUND
Type Of Motion=STEP AND SHOOT
Study Date and Time=Oct 05, 2018  16:33:22
Scan duration=11:53:29
