[System]
Scanner=SkyScan1273
Instrument S/N=001
Software Version=1.1
Home Directory=C:\SkyScan1273
Source Type=Hamamatsu L9181-02
Camera Type=DEXELA-2315[v1], S/N 32960
Camera Pixel Size (um)=74.800
Camera X/Y Ratio=1.0
[User]
User Name=SCAN1275_039
Computer Name=SCAN1273_001
[Acquisition]
Data Directory=D:\Results\RUSLAN\Vreni_Jaw_Jul19_AL1mm-Cu02mm_100kV_9um_OFFSET_\proj
Filename Prefix=Vreni_Jaw_Jul19_AL1mm-Cu02mm_100kV_9um_OFFSET_~02
Number Of Files= 2401
Number Of Rows= 1944
Number Of Columns= 4832
Filename Index Length=8
Partial Width=OFF
Image crop origin X=0
Image crop origin Y=0
Camera binning=1x1
Image Rotation=0.00000
Optical Axis (line)=  972
Object to Source (mm)=60.236
Camera to Source (mm)=500.607
Source Voltage (kV)= 100
Source Current (uA)=  80
Image Pixel Size (um)=9.000382
Scaled Image Pixel Size (um)=9.000382
Image Format=TIFF
Depth (bits)=16
Reference Intensity=58000
Exposure (ms)=225
Rotation Step (deg)=0.15000
Use 360 Rotation=YES
High Aspect Ratio=NO
Scanning position=163.388 mm
Frame Averaging=ON (5)
Flat Field Correction=ON
FF updating interval=201
Random Movement=OFF (20)
Filter=Al1mm+Cu0.2mm
Gantry direction=CCW
Rotation Direction=CCW
Intrinsic CS rotation in degree=0.0
Type of Detector Motion=STEP AND SHOOT
Scanning Trajectory=ROUND
Number of connected scans=9
Current scan number=3
Number of lines to be reconstructed=1489
Suggested HU - Calibration=180000
Number Of Horizontal Offset Positions=2
Horizontal Overlap (pixel)=1312
Intermediate Dat File Prefix Part 1=Vreni_Jaw_Jul19_AL1mm-Cu02mm_100kV_9um_OFFSET_~02_Left
Intermediate Dat File Prefix Part 2=Vreni_Jaw_Jul19_AL1mm-Cu02mm_100kV_9um_OFFSET_~02_Right
Study Date and Time=20 Jul 2019  22h:58m:19s
Scan duration=4h:1m:1s
Maximum vertical TS=5.0
Extra Image Shift In X suggested (micron)=-36.733292
Extra Image Shift In Y suggested (micron)=44.208332
[Reconstruction]
Pseudo-parallel projection calculated=1
