[System]
Scanner=SkyScan2214
Instrument S/N=20C18017
Software Version=1.8
Home Directory=C:\SkyScan2214\SkyScan2214 User Software
Source Type=Hamamatsu L10711
Camera Type=CCD2: 0.2...6um, 22/42mm max.FOV
Camera Pixel Size (um)=8.916
Camera X/Y Ratio=1.0020
[User]
User Name=Skyscan4
Computer Name=ANAMIC05
[Acquisition]
Data Directory=D:\Results\Bone vs Angiofil in mouse\Mouse_1EAR_05SEP2023_molars_1_4um_50kV_CCD_nof\proj
Filename Prefix=Mouse_1EAR_05SEP2023_molars_1_4um_50kV_CCD_nof
Number Of Files= 3601
Number Of Rows= 2688
Number Of Columns= 4032
Filename Index Length=8
Partial Width=OFF
Image crop origin X=0
Image crop origin Y=0
Camera binning=1x1
Image Rotation=0.28000
Optical Axis (line)= 1333
Object to Source (mm)=36.725
Camera to Source (mm)=233.876
Source Voltage (kV)=  50
Source Current (uA)= 120
Source Target Power (W)=0.33
Image Pixel Size (um)=1.400070
Scaled Image Pixel Size (um)=1.400070
Image Format=TIFF
Depth (bits)=16
Reference Intensity=58000
Camera position=close
Exposure (ms)=4550
Rotation Step (deg)=0.100
Use 360 Rotation=YES
High Aspect Ratio=NO
Scanning position=16.285 mm
Frame Averaging=ON (7)
Flat Field Correction=ON
FF updating interval=515
Random Movement=OFF (40)
Filter=No Filter
Gantry direction=CW
Rotation Direction=CW
Intrinsic CS rotation in degree=0.0
Type of Detector Motion=STEP AND SHOOT
Scanning Trajectory=ROUND
Source Filament Type=W
Source spot size=Small
Camera zoom position=Near
Suggested HU - Calibration=180000
Number Of Horizontal Offset Positions=1
Study Date and Time=14 Apr 2024  11h:55m:03s
Estimated Scan duration=43h:3m:42s
Scan duration=43h:8m:14s
