[System]
Scanner=Skyscan1172
Instrument S/N=12O01199
Hardware version=F
Software=Version 1. 5 (build 23)
Home directory=c:\SkyScan1172F_11MP_Hamamatsu
Source Type=Hamamatsu 100/250
Camera=Hamamatsu C9300 11Mp camera
Camera Pixel Size (um)=    8.80
CameraXYRatio=0.9927
Incl.in lifting (um/mm)=3.0875
[User]
User Name=hlushchuk
Computer Name=ANAKLIN18
[Acquisition]
Data directory=D:\doc\Results\Mouse_Kiefer_0_99_Al05\proj
Filename Prefix=Mouse_Kiefer_0_99_Al05_
Configuration=C:\SkyScan1172F_11MP_Hamamatsu\config\KnochenAngio\KnochenAngio_50kV
Number of Files= 3602
Source Voltage (kV)=  80
Source Current (uA)= 124
Number of Rows= 2672
Number of Columns= 4000
Image crop origin X=   0
Image crop origin Y=0
Camera binning=1x1
Image Rotation=0.2300
Gantry direction=CC
Image Pixel Size (um)=    1.00
Object to Source (mm)=38.740
Camera to Source (mm)=342.389
Vertical Object Position (mm)=12.588
Optical Axis (line)=1486
Filter=Al 0.5 mm
Image Format=TIFF
Depth (bits)=16
Screen LUT=0
Exposure (ms)=  6260
Rotation Step (deg)=0.100
Frame Averaging=ON (4)
Random Movement=OFF (10)
Use 360 Rotation=YES
Geometrical Correction=ON
Camera Offset=OFF
Median Filtering=ON
Flat Field Correction=ON
Rotation Direction=CC
Scanning Trajectory=ROUND
Type Of Motion=STEP AND SHOOT
Study Date and Time=Nov 20, 2016  02:16:10
Scan duration=07:46:55
Maximum vertical TS=4.0
Maximum horizontal TS=3.0
TS modified at=November21,09:24:45 ---  3601 of 3601 projections
[Reconstruction]
Reconstruction Program=NRecon
Program Version=Version: 1.6.10.2
Program Home Directory=c:\SkyScan1172F_11MP_Hamamatsu
Reconstruction engine=GPUReconServer
Engine version=Version: 1.6.10
Reconstruction from batch=No
Postalignment=11.00
Reconstruction servers= ANAKLIN18 
Dataset Origin=Skyscan1172
Dataset Prefix=Mouse_Kiefer_0_99_Al05_
Dataset Directory=D:\doc\Results\Mouse_Kiefer_0_99_Al05\proj
Output Directory=D:\doc\Results\Mouse_Kiefer_0_99_Al05\rec
Time and Date=Nov 22, 2016  06:53:50
First Section=333
Last Section=2501
Reconstruction duration per slice (seconds)=28.259567
Total reconstruction time (2169 slices) in seconds=61295.000000
Section to Section Step=1
Sections Count=2169
Result File Type=PNG
Result File Header Length (bytes)=Unknown: compressed JPG format (100%)
Result Image Width (pixels)=4000
Result Image Height (pixels)=4000
Pixel Size (um)=0.99600
Reconstruction Angular Range (deg)=360.00
Use 180+=OFF
Angular Step (deg)=0.1000
Smoothing=0
Ring Artifact Correction=10
Draw Scales=OFF
Object Bigger than FOV=ON
Reconstruction from ROI=OFF
Filter cutoff relative to Nyquist frequency=100
Filter type=0
Filter type description=Hamming (Alpha=0.54)
Undersampling factor=1
Threshold for defect pixel mask (%)=0
Beam Hardening Correction (%)=90
CS Static Rotation (deg)=0.00
Minimum for CS to Image Conversion=0.000000
Maximum for CS to Image Conversion=0.190000
HU Calibration=OFF
BMP LUT=0
Cone-beam Angle Horiz.(deg)=5.887081
Cone-beam Angle Vert.(deg)=3.934487
[File name convention]
Filename Index Length=4
Filename Prefix=Mouse_Kiefer_0_99_Al05__rec
