[System]
Scanner=Skyscan1172
Instrument S/N=12O01199
Hardware version=F
Software=Version 1. 5 (build 23)
Home directory=c:\SkyScan1172F_11MP_Hamamatsu
Source Type=Hamamatsu 100/250
Camera=Hamamatsu C9300 11Mp camera
Camera Pixel Size (um)=    8.80
CameraXYRatio=0.9927
Incl.in lifting (um/mm)=3.0875
[User]
User Name=hlushchuk
Computer Name=ANAKLIN18
[Acquisition]
Data directory=D:\doc\Results\Ruslan\Decalcification Nov2017\Maus Hinterbein1\Scan3 7days\Maus_Hinterbein1_thirdScan_EDTA3plus4Tage_11Okt2017_Al025um_1_65um\proj
Filename Prefix=Maus_Hinterbein1_thirdScan_EDTA3plus4Tage_11Okt2017_Al025um_1_65um
Configuration=D:\doc\Results\Oles\zebrafish kopf_20_03_2017
Number of Files= 1991
Source Voltage (kV)=  59
Source Current (uA)= 167
Number of Rows= 2672
Number of Columns= 4000
Image crop origin X=   0
Image crop origin Y=0
Camera binning=1x1
Image Rotation=0.2300
Gantry direction=CC
Image Pixel Size (um)=    1.66
Object to Source (mm)=40.030
Camera to Source (mm)=212.399
Vertical Object Position (mm)=33.000
Optical Axis (line)=1486
Filter=Al0.25mm
Image Format=TIFF
Depth (bits)=16
Screen LUT=0
Exposure (ms)=  1740
Rotation Step (deg)=0.100
Frame Averaging=ON (2)
Random Movement=OFF (10)
Use 360 Rotation=NO
Geometrical Correction=ON
Camera Offset=OFF
Median Filtering=ON
Flat Field Correction=ON
Rotation Direction=CC
Scanning Trajectory=ROUND
Type Of Motion=STEP AND SHOOT
Study Date and Time=Nov 27, 2017  01:39:53
Scan duration=03:52:53
Maximum vertical TS=3.0
Maximum horizontal TS=1.0
TS modified at=November27,11:19:48 ---  1990 of 1990 projections
TS modified according to=F:\Ruslan\Decalcification Nov2017\Maus_Hinterbein1\Maus_Hinterbein1_thirdScan_EDTA3plus4Tage_11Okt2017_Al025um_1_65um\proj\Maus_Hinterbein1_thirdScan_EDTA3plus4Tage_11Okt2017_Al025um_1_65um_TS.csv
TS modified at level=0
[Reconstruction]
Reconstruction Program=NRecon
Program Version=Version: 1.7.1.0
Program Home Directory=C:\Program Files\NReconServerLocal64
Reconstruction engine=GPUReconServer
Engine version=Version: 1.7.1
Reconstruction from batch=Yes
Postalignment=6.50
Reconstruction servers= ANAKLIN03 
Dataset Origin=Skyscan1172
Dataset Prefix=Maus_Hinterbein1_thirdScan_EDTA3plus4Tage_11Okt2017_Al025um_1_65um
Dataset Directory=F:\Ruslan\Decalcification Nov2017\Maus_Hinterbein1\Maus_Hinterbein1_thirdScan_EDTA3plus4Tage_11Okt2017_Al025um_1_65um\proj
Output Directory=J:\Decalcification Nov2017\Maus_Hinterbein1\Maus_Hinterbein1_thirdScan_EDTA3plus4Tage_11Okt2017_Al025um_1_65um\rec
Time and Date=Mar 07, 2018  12:34:29
First Section=122
Last Section=2573
Reconstruction duration per slice (seconds)=0.476346
Total reconstruction time (2452 slices) in seconds=1168.000000
Section to Section Step=1
Sections Count=2452
Result File Type=PNG
Result File Header Length (bytes)=Unknown: compressed JPG format (100%)
Result Image Width (pixels)=2192
Result Image Height (pixels)=2192
Pixel Size (um)=1.65905
Reconstruction Angular Range (deg)=199.00
Use 180+=OFF
Angular Step (deg)=0.1000
Smoothing=2
Smoothing kernel=2 (Gaussian)
Ring Artifact Correction=10
Draw Scales=OFF
Object Bigger than FOV=OFF
Reconstruction from ROI=ON
ROI Top (pixels)=2775
ROI Bottom (pixels)=581
ROI Left (pixels)=1806
ROI Right (pixels)=4000
ROI reference length=4000
Filter cutoff relative to Nyquist frequency=100
Filter type=0
Filter type description=Hamming (Alpha=0.54)
Undersampling factor=1
Threshold for defect pixel mask (%)=0
Beam Hardening Correction (%)=0
CS Static Rotation (deg)=0.00
Minimum for CS to Image Conversion=0.000000
Maximum for CS to Image Conversion=0.120000
HU Calibration=OFF
BMP LUT=0
Cone-beam Angle Horiz.(deg)=9.476846
Cone-beam Angle Vert.(deg)=6.338533
