[System]
Scanner=Skyscan1172
Instrument S/N=12O01199
Hardware version=F
Software=Version 1. 5 (build 23)
Home directory=c:\SkyScan1172F_11MP_Hamamatsu
Source Type=Hamamatsu 100/250
Camera=Hamamatsu C9300 11Mp camera
Camera Pixel Size (um)=    8.80
CameraXYRatio=0.9927
Incl.in lifting (um/mm)=3.0875
[User]
User Name=hlushchuk
Computer Name=ANAKLIN18
[Acquisition]
Data directory=D:\doc\Results\Ruslan\Decalcification Nov2017\Maus Hinterbein1\Scan4_1_65um\Maus_Hinterbein1_4thScan_EDTA3plus4Tage_11Okt2017_NoF_1_65um\proj
Filename Prefix=Maus_Hinterbein1_4thScan_EDTA3plus4Tage_11Okt2017_NoF_1_65um
Configuration=D:\doc\Results\Oles\zebrafish kopf_20_03_2017
Number of Files= 3602
Source Voltage (kV)=  49
Source Current (uA)= 167
Number of Rows= 2672
Number of Columns= 4000
Image crop origin X=   0
Image crop origin Y=0
Camera binning=1x1
Image Rotation=0.2300
Gantry direction=CC
Image Pixel Size (um)=    1.66
Object to Source (mm)=40.030
Camera to Source (mm)=212.399
Vertical Object Position (mm)=37.000
Optical Axis (line)=1486
Filter=No Filter
Image Format=TIFF
Depth (bits)=16
Screen LUT=0
Exposure (ms)=   875
Rotation Step (deg)=0.100
Frame Averaging=ON (2)
Random Movement=OFF (10)
Use 360 Rotation=YES
Geometrical Correction=ON
Camera Offset=OFF
Median Filtering=ON
Flat Field Correction=ON
Rotation Direction=CC
Scanning Trajectory=ROUND
Type Of Motion=STEP AND SHOOT
Study Date and Time=Nov 27, 2017  17:41:07
Scan duration=04:24:12
Maximum vertical TS=2.0
Maximum horizontal TS=2.0
TS modified at=November27,17:47:45 ---  3601 of 3601 projections
[Reconstruction]
Reconstruction Program=NRecon
Program Version=Version: 1.7.1.0
Program Home Directory=C:\Program Files\NReconServerLocal64
Reconstruction engine=GPUReconServer
Engine version=Version: 1.7.1
Reconstruction from batch=Yes
Postalignment=9.00
Reconstruction servers= ANAKLIN03 
Dataset Origin=Skyscan1172
Dataset Prefix=Maus_Hinterbein1_4thScan_EDTA3plus4Tage_11Okt2017_NoF_1_65um
Dataset Directory=F:\Ruslan\Decalcification Nov2017\Maus_Hinterbein1\Scan4_1_65um\Maus_Hinterbein1_4thScan_EDTA3plus4Tage_11Okt2017_NoF_1_65um\proj
Output Directory=J:\Decalcification Nov2017\Maus_Hinterbein1\Scan4_1_65um\Maus_Hinterbein1_4thScan_EDTA3plus4Tage_11Okt2017_NoF_1_65um\rec
Time and Date=Mar 07, 2018  16:06:30
First Section=122
Last Section=2573
Reconstruction duration per slice (seconds)=1.606444
Total reconstruction time (2452 slices) in seconds=3939.000000
Section to Section Step=1
Sections Count=2452
Result File Type=PNG
Result File Header Length (bytes)=Unknown: compressed JPG format (100%)
Result Image Width (pixels)=4000
Result Image Height (pixels)=4000
Pixel Size (um)=1.65905
Reconstruction Angular Range (deg)=360.00
Use 180+=OFF
Angular Step (deg)=0.1000
Smoothing=0
Ring Artifact Correction=8
Draw Scales=OFF
Object Bigger than FOV=OFF
Reconstruction from ROI=OFF
Filter cutoff relative to Nyquist frequency=100
Filter type=0
Filter type description=Hamming (Alpha=0.54)
Undersampling factor=1
Threshold for defect pixel mask (%)=0
Beam Hardening Correction (%)=80
CS Static Rotation (deg)=0.00
Minimum for CS to Image Conversion=0.000000
Maximum for CS to Image Conversion=0.250000
HU Calibration=OFF
BMP LUT=0
Cone-beam Angle Horiz.(deg)=9.476846
Cone-beam Angle Vert.(deg)=6.338533
