[System]
Scanner=SkyScan1273
Instrument S/N=001
Software Version=1.1
Home Directory=C:\SkyScan1273
Source Type=Hamamatsu L9181-02
Camera Type=DEXELA-2315[v1], S/N 32960
Camera Pixel Size (um)=74.800
Camera X/Y Ratio=1.0
[User]
User Name=SCAN1275_039
Computer Name=SCAN1273_001
[Acquisition]
Data Directory=D:\Results\RUSLAN\Vreni_Jaw_Jul19_AL1mm-Cu02mm_100kV_9um_OFFSET_\proj
Filename Prefix=Vreni_Jaw_Jul19_AL1mm-Cu02mm_100kV_9um_OFFSET_~00
Number Of Files= 2401
Number Of Rows= 1944
Number Of Columns= 4832
Filename Index Length=8
Partial Width=OFF
Image crop origin X=0
Image crop origin Y=0
Camera binning=1x1
Image Rotation=0.00000
Optical Axis (line)=  972
Object to Source (mm)=60.236
Camera to Source (mm)=500.607
Source Voltage (kV)= 100
Source Current (uA)=  80
Image Pixel Size (um)=9.000382
Scaled Image Pixel Size (um)=9.000382
Image Format=TIFF
Depth (bits)=16
Reference Intensity=58000
Exposure (ms)=225
Rotation Step (deg)=0.15000
Use 360 Rotation=YES
High Aspect Ratio=NO
Scanning position=190.191 mm
Frame Averaging=ON (5)
Flat Field Correction=ON
FF updating interval=201
Random Movement=OFF (20)
Filter=Al1mm+Cu0.2mm
Gantry direction=CCW
Rotation Direction=CCW
Intrinsic CS rotation in degree=0.0
Type of Detector Motion=STEP AND SHOOT
Scanning Trajectory=ROUND
Number of connected scans=9
Current scan number=1
Number of lines to be reconstructed=1489
Suggested HU - Calibration=180000
Number Of Horizontal Offset Positions=2
Horizontal Overlap (pixel)=1312
Intermediate Dat File Prefix Part 1=Vreni_Jaw_Jul19_AL1mm-Cu02mm_100kV_9um_OFFSET_~00_Left
Intermediate Dat File Prefix Part 2=Vreni_Jaw_Jul19_AL1mm-Cu02mm_100kV_9um_OFFSET_~00_Right
Study Date and Time=20 Jul 2019  14h:23m:14s
Scan duration=4h:7m:48s
Maximum vertical TS=5.0
[Reconstruction]
Reconstruction Program=NRecon
Program Version=Version: 1.7.4.2
Program Home Directory=C:\Program Files\NRecon
Reconstruction engine=GPUReconServer
Engine version=Version: 1.7.4
Reconstruction from batch=No
Postalignment Applied=1
Connected Reconstruction (parts)=3
Sub-scan post alignment [0]=56.500000
Sub-scan post alignment [1]=42.000000
Sub-scan post alignment [2]=41.000000
Sub-scan scan length [0]=1481
Sub-scan scan length [1]=1481
Sub-scan scan length [2]=1489
Used extra shift in X per scan(micron)= 0.000  -4.495  -36.733 
Used extra shift in Y per scan(micron)= 0.000  4.554  44.208 
Reconstruction servers= ANAKLIN04 
Dataset Origin=SkyScan1273
Dataset Prefix=Vreni_Jaw_Jul19_AL1mm-Cu02mm_100kV_9um_OFFSET_~02
Dataset Directory=F:\Ruslan 2020\Vreni_Jaw_Jul19_AL1mm-Cu02mm_100kV_9um_OFFSET_\proj
Output Directory=F:\Ruslan 2020\Vreni_Jaw_Jul19_AL1mm-Cu02mm_100kV_9um_OFFSET_\proj\Rec 03NOV2020
Time and Date=Nov 03, 2020  13:46:22
First Section=1850
Last Section=4841
Reconstruction duration per slice (seconds)=4.790823
Total reconstruction time (1482 slices) in seconds=7100.000000
Section to Section Step=1
Sections Count=2992
Result File Type=PNG
Result File Header Length (bytes)=Unknown: compressed JPG format (100%)
Result Image Width (pixels)=4724
Result Image Height (pixels)=3012
Pixel Size (um)=9.00038
Reconstruction Angular Range (deg)=360.00
Use 180+=OFF
Angular Step (deg)=0.1500
Smoothing=0
Ring Artifact Correction=10
Draw Scales=OFF
Object Bigger than FOV=OFF
Reconstruction from ROI=ON
ROI Top (pixels)=4152
ROI Bottom (pixels)=1138
ROI Left (pixels)=10
ROI Right (pixels)=4734
ROI reference length=4832
Filter cutoff relative to Nyquist frequency=100
Filter type=0
Filter type description=Hamming (Alpha=0.54)
Undersampling factor=1
Threshold for defect pixel mask (%)=0
Beam Hardening Correction (%)=0
CS Static Rotation (deg)=-85.59
CS Static Rotation Total(deg)=-85.59
Minimum for CS to Image Conversion=0.000747
Maximum for CS to Image Conversion=0.034061
HU Calibration=OFF
BMP LUT=0
Cone-beam Angle Horiz.(deg)=39.698711
Cone-beam Angle Vert.(deg)=16.527142
Automatic matching in Z=50
Automatic matching in X/Y=50
Automatic matching in rotation=0.000000
Automatic fusion=1
[File name convention]
Filename Index Length=8
Filename Prefix=Vreni_Jaw_Jul19_AL1mm-Cu02mm_100kV_9um_OFFSET__rec
