[System]
Scanner=Skyscan1172
Instrument S/N=12O01199
Hardware version=F
Software=Version 1. 5 (build 23)
Home directory=c:\SkyScan1172F_11MP_Hamamatsu
Source Type=Hamamatsu 100/250
Camera=Hamamatsu C9300 11Mp camera
Camera Pixel Size (um)=    8.80
CameraXYRatio=0.9927
Incl.in lifting (um/mm)=3.0875
[User]
User Name=khoma
Computer Name=ANAKLIN18
[Acquisition]
Data directory=D:\doc\Results\Oles\Eugenio mice\c1m5_6_56um_70kv_al05\proj
Filename Prefix=c1m5_6_56um_70kv_al05
Configuration=std
Number of Files= 1920
Source Voltage (kV)=  70
Source Current (uA)= 141
Number of Rows= 2672
Number of Columns= 4000
Image crop origin X=   0
Image crop origin Y=0
Camera binning=1x1
Image Rotation=0.2300
Gantry direction=CC
Image Pixel Size (um)=    6.64
Object to Source (mm)=258.100
Camera to Source (mm)=342.389
Vertical Object Position (mm)=28.400
Optical Axis (line)=1486
Filter=Al 0.5 mm
Image Format=TIFF
Depth (bits)=16
Screen LUT=0
Exposure (ms)=  6355
Rotation Step (deg)=0.100
Frame Averaging=ON (4)
Random Movement=OFF (3)
Use 360 Rotation=NO
Geometrical Correction=ON
Camera Offset=OFF
Median Filtering=ON
Flat Field Correction=ON
Rotation Direction=CC
Scanning Trajectory=ROUND
Type Of Motion=STEP AND SHOOT
Study Date and Time=Mar 16, 2018  08:25:50
Scan duration=17:11:54
Maximum vertical TS=10.0
Maximum horizontal TS=6.0
TS modified at=March16,15:15:11 ---  1919 of 1919 projections
TS modified according to=G:\Eugenio mice\c1m5_6_56um_70kv_al05\proj\c1m5_6_56um_70kv_al05_TS.csv
TS modified at level=0
[Reconstruction]
Reconstruction Program=NRecon
Program Version=Version: 1.7.1.0
Program Home Directory=C:\Program Files\NReconServerLocal64
Reconstruction engine=GPUReconServer
Engine version=Version: 1.7.1
Reconstruction from batch=No
Postalignment=24.00
Reconstruction servers= ANAKLIN03 
Dataset Origin=Skyscan1172
Dataset Prefix=c1m5_6_56um_70kv_al05
Dataset Directory=G:\Eugenio mice\c1m5_6_56um_70kv_al05\proj
Output Directory=G:\Eugenio mice\c1m5_6_56um_70kv_al05\rec
Time and Date=Mar 16, 2018  15:55:48
First Section=76
Last Section=2610
Reconstruction duration per slice (seconds)=0.897830
Total reconstruction time (2535 slices) in seconds=2276.000000
Section to Section Step=1
Sections Count=2535
Result File Type=PNG
Result File Header Length (bytes)=Unknown: compressed JPG format (100%)
Result Image Width (pixels)=4000
Result Image Height (pixels)=4000
Pixel Size (um)=6.63707
Reconstruction Angular Range (deg)=191.90
Use 180+=OFF
Angular Step (deg)=0.1000
Smoothing=0
Ring Artifact Correction=20
Draw Scales=OFF
Object Bigger than FOV=OFF
Reconstruction from ROI=OFF
Filter cutoff relative to Nyquist frequency=100
Filter type=0
Filter type description=Hamming (Alpha=0.54)
Undersampling factor=1
Threshold for defect pixel mask (%)=0
Beam Hardening Correction (%)=25
CS Static Rotation (deg)=0.00
Minimum for CS to Image Conversion=0.000000
Maximum for CS to Image Conversion=0.040876
HU Calibration=OFF
BMP LUT=0
Cone-beam Angle Horiz.(deg)=5.888277
Cone-beam Angle Vert.(deg)=3.935287
