[System]
Scanner=SkyScan1272
Instrument S/N=15G09089-B
Software Version=1.1.19
Home Directory=C:\SkyScan1272\SkyScan1272
Source Type=HAMAMATSU_L11871_20
Camera Type=XIMEA xiRAY16
Camera Pixel Size (um)=7.4
Camera X/Y Ratio=1.0023
[User]
User Name=khoma
Computer Name=ANAMIC02
[Acquisition]
Data Directory=D:\Results\eugenio_mice\left_leg\c1m5_1_65um_al025\proj
Filename Prefix=c1m5_1_65um_al025~02
Filename Index Length=8
Number Of Files= 1878
Number Of Rows= 3280
Number Of Columns= 4904
Partial Width=OFF
Image crop origin X=0
Image crop origin Y=0
Camera binning=1x1
Image Rotation=0.16000
Optical Axis (line)= 1788
Camera to Source (mm)=274.07267
Object to Source (mm)=61.11100
Source Voltage (kV)=  60
Source Current (uA)= 166
Image Pixel Size (um)=1.650005
Scaled Image Pixel Size (um)=1.650005
Image Format=TIFF
Depth (bits)=16
Reference Intensity=57000
Camera position=far
Exposure (ms)=2800
Rotation Step (deg)=0.100
Use 360 Rotation=NO
Scanning position=26.113 mm
Frame Averaging=ON (3)
Random Movement=OFF (30)
Flat Field Correction=ON
FF updating interval=94
Geometrical Correction=ON
Filter=Al 0.25mm
Gantry direction=CC
Rotation Direction=CC
Type of Detector Motion=STEP AND SHOOT
Scanning Trajectory=ROUND
Number Of Horizontal Offset Positions=1
Number of connected scans=3
Current scan number=3
Number of lines to be reconstructed=1797
Study Date and Time=07 Nov 2018  07h:48m:38s
Scan duration=4h:23m:1s
Maximum vertical TS=0.0
Maximum horizontal TS=2.0
TS modified at=November07,14:37:05 ---  1878 of 1878 projections
TS modified according to=G:\eugenio_mice\left_leg\c1m5_1_65um_al025\proj\c1m5_1_65um_al025~02_TS.csv
TS modified at level=0
Extra Image Shift In X suggested (micron)=1.556902
Extra Image Shift In Y suggested (micron)=-3.235943
Extra CS Rotation suggested (deg)=0.000000
[Reconstruction]
Pseudo-parallel projection calculated=1
