[System]
Scanner=Skyscan1172
Instrument S/N=12O01199
Hardware version=F
Software=Version 1. 5 (build 23)
Home directory=c:\SkyScan1172F_11MP_Hamamatsu
Source Type=Hamamatsu 100/250
Camera=Hamamatsu C9300 11Mp camera
Camera Pixel Size (um)=    8.80
CameraXYRatio=0.9927
Incl.in lifting (um/mm)=3.0875
[User]
User Name=hlushchuk
Computer Name=ANAKLIN18
[Acquisition]
Data directory=C:\Results Ruslan\Maus_Hinterbein_11OKT17_Al025um_3_18um\proj
Filename Prefix=Maus_Hinterbein_11OKT17_Al025um_3_18um_~02
Configuration=D:\doc\Results\Oles\zebrafish kopf_20_03_2017
Number of Files= 1991
Source Voltage (kV)=  59
Source Current (uA)= 167
Number of Rows= 2672
Number of Columns= 4000
Image crop origin X=   0
Image crop origin Y=0
Camera binning=1x1
Image Rotation=0.2300
Gantry direction=CC
Number of connected scans=    4
Number of lines to be reconstructed= 2110
Image Pixel Size (um)=    3.19
Object to Source (mm)=76.870
Camera to Source (mm)=212.399
Vertical Object Position (mm)=33.258
Optical Axis (line)=1486
Filter=Al0.25mm
Image Format=TIFF
Depth (bits)=16
Screen LUT=0
Exposure (ms)=  1740
Rotation Step (deg)=0.100
Frame Averaging=ON (2)
Random Movement=OFF (10)
Use 360 Rotation=NO
Geometrical Correction=ON
Camera Offset=OFF
Median Filtering=ON
Flat Field Correction=ON
Rotation Direction=CC
Scanning Trajectory=ROUND
Type Of Motion=STEP AND SHOOT
Study Date and Time=Nov 09, 2017  09:04:54
Scan duration=03:52:54
Maximum vertical TS=0.0
Maximum horizontal TS=0.0
TS modified at=November10,10:04:32 ---  1990 of 1990 projections
TS modified according to=E:\Results\Oles\Maus_Hinterbein_11OKT17_Al025um_3_18um\proj\Maus_Hinterbein_11OKT17_Al025um_3_18um_~02_TS.csv
TS modified at level=0
Extra Image Shift In X suggested (micron)=-3.653709
Extra Image Shift In Y suggested (micron)=-8.933607
Extra CS Rotation suggested (deg)=-0.049801
[Reconstruction]
Pseudo-parallel projection calculated=1
