[System]
Scanner=Skyscan1172
Instrument S/N=12O01199
Hardware version=F
Software=Version 1. 5 (build 23)
Home directory=c:\SkyScan1172F_11MP_Hamamatsu
Source Type=Hamamatsu 100/250
Camera=Hamamatsu C9300 11Mp camera
Camera Pixel Size (um)=    8.80
CameraXYRatio=0.9927
Incl.in lifting (um/mm)=3.0875
[User]
User Name=hlushchuk
Computer Name=ANAKLIN18
[Acquisition]
Data directory=C:\Results Ruslan\Maus_Hinterbein_11OKT17_Al025um_3_18um\proj
Filename Prefix=Maus_Hinterbein_11OKT17_Al025um_3_18um_
Configuration=D:\doc\Results\Oles\zebrafish kopf_20_03_2017
Number of Files= 1991
Source Voltage (kV)=  59
Source Current (uA)= 167
Number of Rows= 2672
Number of Columns= 4000
Image crop origin X=   0
Image crop origin Y=0
Camera binning=1x1
Image Rotation=0.2300
Gantry direction=CC
Number of connected scans=    4
Number of lines to be reconstructed= 2110
Image Pixel Size (um)=    3.19
Object to Source (mm)=76.870
Camera to Source (mm)=212.399
Vertical Object Position (mm)=26.585
Optical Axis (line)=1486
Filter=Al0.25mm
Image Format=TIFF
Depth (bits)=16
Screen LUT=0
Exposure (ms)=  1740
Rotation Step (deg)=0.100
Frame Averaging=ON (2)
Random Movement=OFF (10)
Use 360 Rotation=NO
Geometrical Correction=ON
Camera Offset=OFF
Median Filtering=ON
Flat Field Correction=ON
Rotation Direction=CC
Scanning Trajectory=ROUND
Type Of Motion=STEP AND SHOOT
Study Date and Time=Nov 09, 2017  12:58:02
Scan duration=03:52:54
[Reconstruction]
Reconstruction Program=NRecon
Program Version=Version: 1.7.1.0
Program Home Directory=C:\Program Files\NReconServerLocal64
Reconstruction engine=GPUReconServer
Engine version=Version: 1.7.1
Reconstruction from batch=Yes
Postalignment=6.00
Connected Reconstruction (parts)=4
Sub-scan post alignment [0]=6.000000
Sub-scan post alignment [1]=4.500000
Sub-scan post alignment [2]=3.500000
Sub-scan post alignment [3]=0.500000
Sub-scan scan length [0]=2108
Sub-scan scan length [1]=2108
Sub-scan scan length [2]=2106
Sub-scan scan length [3]=2110
Used extra rotation per scan(deg)= 0.000  0.000  -0.050  -0.076 
Used extra shift in X per scan(micron)= 0.000  -1.657  -3.654  -4.505 
Used extra shift in Y per scan(micron)= 0.000  -4.230  -8.934  -12.050 
Reconstruction servers= ANAKLIN03 
Dataset Origin=Skyscan1172
Dataset Prefix=Maus_Hinterbein_11OKT17_Al025um_3_18um_~00
Dataset Directory=F:\Ruslan\Decalcification Nov2017\Maus_Hinterbein1\Scan1\Maus_Hinterbein_11OKT17_Al025um_3_18um\proj
Output Directory=J:\Decalcification Nov2017\Maus_Hinterbein1\Scan1\Maus_Hinterbein_11OKT17_Al025um_3_18um\rec
Time and Date=Mar 07, 2018  13:30:05
First Section=122
Last Section=8903
Reconstruction duration per slice (seconds)=0.995866
Total reconstruction time (2419 slices) in seconds=2409.000000
Section to Section Step=1
Sections Count=8782
Result File Type=PNG
Result File Header Length (bytes)=Unknown: compressed JPG format (100%)
Result Image Width (pixels)=3672
Result Image Height (pixels)=3708
Pixel Size (um)=3.18575
Reconstruction Angular Range (deg)=199.00
Use 180+=OFF
Angular Step (deg)=0.1000
Smoothing=0
Ring Artifact Correction=10
Draw Scales=OFF
Object Bigger than FOV=OFF
Reconstruction from ROI=ON
ROI Top (pixels)=3816
ROI Bottom (pixels)=107
ROI Left (pixels)=302
ROI Right (pixels)=3977
ROI reference length=4000
Filter cutoff relative to Nyquist frequency=100
Filter type=0
Filter type description=Hamming (Alpha=0.54)
Undersampling factor=1
Threshold for defect pixel mask (%)=0
Beam Hardening Correction (%)=20
CS Static Rotation (deg)=0.00
Minimum for CS to Image Conversion=0.000000
Maximum for CS to Image Conversion=0.100000
HU Calibration=OFF
BMP LUT=0
Cone-beam Angle Horiz.(deg)=9.476447
Cone-beam Angle Vert.(deg)=6.338265
