[System]
Scanner=SkyScan2214
Instrument S/N=001
Software Version=1.0.0
Home Directory=C:\Skyscan\Second_generation\SkyScan2214\SkyScan2214
Source Type=Hamamatsu L10711
Camera Type=FlatPanel: 2...50um, 6...140mm FOV
Camera Pixel Size (um)=74.800
Camera X/Y Ratio=1.0000
[User]
User Name=SkyScan
Computer Name=SCAN2214_DEMO
[Acquisition]
Data Directory=D:\Results\Phil\Ruslan_sample4_2214
Filename Prefix=Ruslan_sample4_2214_~00
Number Of Files= 2001
Number Of Rows= 1944
Number Of Columns= 2929
Filename Index Length=8
Partial Width=OFF
Image crop origin X=0
Image crop origin Y=0
Camera binning=1x1
Image Rotation=-0.10000
Optical Axis (line)= 1007
Object to Source (mm)=34.328
Camera to Source (mm)=320.958
Source Voltage (kV)= 100
Source Current (uA)= 100
Source Target Power (W)=8.68
Image Pixel Size (um)=8.000292
Scaled Image Pixel Size (um)=8.000292
Image Format=TIFF
Depth (bits)=16
Reference Intensity=58000
Exposure (ms)=1080
Rotation Step (deg)=0.180
Use 360 Rotation=YES
Scanning position=26.441 mm
Frame Averaging=ON (4)
Flat Field Correction=ON
FF updating interval=200
Random Movement=OFF (25)
Filter=Cu 1mm
Gantry direction=CW
Rotation Direction=CW
Intrinsic CS rotation in degree=0.0
Type of Detector Motion=STEP AND SHOOT
Scanning Trajectory=ROUND
Number of connected scans=3
Current scan number=1
Number of lines to be reconstructed=1429
Suggested HU - Calibration=180000
Number Of Horizontal Offset Positions=1
Study Date and Time=20 Jul 2018  01h:34m:06s
Scan duration=4h:32m:59s
Maximum vertical TS=5.0
[Reconstruction]
Pseudo-parallel projection calculated=1
